GEM
  remote: https://rubygems.org/
  specs:
    actionmailer (4.2.0.rc3)
      actionpack (= 4.2.0.rc3)
      actionview (= 4.2.0.rc3)
      activejob (= 4.2.0.rc3)
      mail (~> 2.5, >= 2.5.4)
      rails-dom-testing (~> 1.0, >= 1.0.5)
    actionpack (4.2.0.rc3)
      actionview (= 4.2.0.rc3)
      activesupport (= 4.2.0.rc3)
      rack (~> 1.6.0.beta2)
      rack-test (~> 0.6.2)
      rails-dom-testing (~> 1.0, >= 1.0.5)
      rails-html-sanitizer (~> 1.0, >= 1.0.1)
    actionview (4.2.0.rc3)
      activesupport (= 4.2.0.rc3)
      builder (~> 3.1)
      erubis (~> 2.7.0)
      rails-dom-testing (~> 1.0, >= 1.0.5)
      rails-html-sanitizer (~> 1.0, >= 1.0.1)
    active_model_serializers (0.9.2)
      activemodel (>= 3.2)
    activejob (4.2.0.rc3)
      activesupport (= 4.2.0.rc3)
      globalid (>= 0.3.0)
    activemodel (4.2.0.rc3)
      activesupport (= 4.2.0.rc3)
      builder (~> 3.1)
    activerecord (4.2.0.rc3)
      activemodel (= 4.2.0.rc3)
      activesupport (= 4.2.0.rc3)
      arel (~> 6.0)
    activesupport (4.2.0.rc3)
      i18n (>= 0.7.0.beta1, < 0.8)
      json (~> 1.7, >= 1.7.7)
      minitest (~> 5.1)
      thread_safe (~> 0.1)
      tzinfo (~> 1.1)
    addressable (2.3.6)
    annotate (2.6.5)
      activerecord (>= 2.3.0)
      rake (>= 0.8.7)
    arel (6.0.0)
    bcrypt (3.1.9)
    bcrypt (3.1.9-x64-mingw32)
    bcrypt (3.1.9-x86-mingw32)
    builder (3.2.2)
    callsite (0.0.11)
    celluloid (0.16.0)
      timers (~> 4.0.0)
    childprocess (0.5.5)
      ffi (~> 1.0, >= 1.0.11)
    coderay (1.1.0)
    daemon_controller (1.2.0)
    database_cleaner (1.3.0)
    devise (3.4.1)
      bcrypt (~> 3.0)
      orm_adapter (~> 0.1)
      railties (>= 3.2.6, < 5)
      responders
      thread_safe (~> 0.1)
      warden (~> 1.2.3)
    devise_token_auth (0.1.30)
      devise (~> 3.3)
      rails (~> 4.1)
    diff-lcs (1.2.5)
    erubis (2.7.0)
    factory_girl (4.5.0)
      activesupport (>= 3.0.0)
    factory_girl_rails (4.5.0)
      factory_girl (~> 4.5.0)
      railties (>= 3.0.0)
    faker (1.4.3)
      i18n (~> 0.5)
    ffi (1.9.6)
    ffi (1.9.6-x64-mingw32)
    ffi (1.9.6-x86-mingw32)
    formatador (0.2.5)
    globalid (0.3.0)
      activesupport (>= 4.1.0)
    guard (2.10.5)
      formatador (>= 0.2.4)
      listen (~> 2.7)
      lumberjack (~> 1.0)
      nenv (~> 0.1)
      pry (>= 0.9.12)
      thor (>= 0.18.1)
    guard-bundler (2.1.0)
      bundler (~> 1.0)
      guard (~> 2.2)
      guard-compat (~> 1.1)
    guard-compat (1.2.0)
    guard-rails (0.7.0)
      guard (~> 2.0)
    guard-rspec (4.5.0)
      guard (~> 2.1)
      guard-compat (~> 1.1)
      rspec (>= 2.99.0, < 4.0)
    guard-spork (2.1.0)
      childprocess (>= 0.2.3)
      guard (~> 2.0)
      guard-compat (~> 1.0)
      spork (>= 0.8.4)
    hashie (3.3.2)
    hike (1.2.3)
    hitimes (1.2.2)
    hitimes (1.2.2-x86-mingw32)
    i18n (0.7.0.beta1)
    json (1.8.1)
    launchy (2.4.3)
      addressable (~> 2.3)
    listen (2.8.4)
      celluloid (>= 0.15.2)
      rb-fsevent (>= 0.9.3)
      rb-inotify (>= 0.9)
    lol_dba (1.6.4)
      actionpack (>= 3.0)
      activerecord (>= 3.0)
      railties (>= 3.0)
    loofah (2.0.1)
      nokogiri (>= 1.5.9)
    lumberjack (1.0.9)
    mail (2.6.3)
      mime-types (>= 1.16, < 3)
    meta_request (0.3.4)
      callsite (~> 0.0, >= 0.0.11)
      rack-contrib (~> 1.1)
      railties (>= 3.0.0, < 5.0.0)
    method_source (0.8.2)
    mime-types (2.4.3)
    mini_portile (0.6.1)
    minitest (5.5.0)
    multi_json (1.10.1)
    nenv (0.1.1)
    nokogiri (1.6.5)
      mini_portile (~> 0.6.0)
    nokogiri (1.6.5-x64-mingw32)
      mini_portile (~> 0.6.0)
    nokogiri (1.6.5-x86-mingw32)
      mini_portile (~> 0.6.0)
    omniauth (1.2.2)
      hashie (>= 1.2, < 4)
      rack (~> 1.0)
    orm_adapter (0.5.0)
    passenger (4.0.58)
      daemon_controller (>= 1.2.0)
      rack
      rake (>= 0.8.1)
    pg (0.18.1)
    pg (0.18.1-x64-mingw32)
    pg (0.18.1-x86-mingw32)
    pry (0.10.1)
      coderay (~> 1.1.0)
      method_source (~> 0.8.1)
      slop (~> 3.4)
    pry (0.10.1-x64-mingw32)
      coderay (~> 1.1.0)
      method_source (~> 0.8.1)
      slop (~> 3.4)
      win32console (~> 1.3)
    pry (0.10.1-x86-mingw32)
      coderay (~> 1.1.0)
      method_source (~> 0.8.1)
      slop (~> 3.4)
      win32console (~> 1.3)
    puma (2.11.1)
      rack (>= 1.1, < 2.0)
    rack (1.6.0.beta2)
    rack-contrib (1.2.0)
      rack (>= 0.9.1)
    rack-test (0.6.2)
      rack (>= 1.0)
    rails (4.2.0.rc3)
      actionmailer (= 4.2.0.rc3)
      actionpack (= 4.2.0.rc3)
      actionview (= 4.2.0.rc3)
      activejob (= 4.2.0.rc3)
      activemodel (= 4.2.0.rc3)
      activerecord (= 4.2.0.rc3)
      activesupport (= 4.2.0.rc3)
      bundler (>= 1.3.0, < 2.0)
      railties (= 4.2.0.rc3)
      sprockets-rails
    rails-api (0.3.1)
      actionpack (>= 3.2.11)
      railties (>= 3.2.11)
    rails-deprecated_sanitizer (1.0.3)
      activesupport (>= 4.2.0.alpha)
    rails-dom-testing (1.0.5)
      activesupport (>= 4.2.0.beta, < 5.0)
      nokogiri (~> 1.6.0)
      rails-deprecated_sanitizer (>= 1.0.1)
    rails-html-sanitizer (1.0.1)
      loofah (~> 2.0)
    railties (4.2.0.rc3)
      actionpack (= 4.2.0.rc3)
      activesupport (= 4.2.0.rc3)
      rake (>= 0.8.7)
      thor (>= 0.18.1, < 2.0)
    rake (10.4.2)
    rb-fsevent (0.9.4)
    rb-inotify (0.9.5)
      ffi (>= 0.5.0)
    responders (2.0.2)
      railties (>= 4.2.0.alpha, < 5)
    rspec (3.1.0)
      rspec-core (~> 3.1.0)
      rspec-expectations (~> 3.1.0)
      rspec-mocks (~> 3.1.0)
    rspec-core (3.1.7)
      rspec-support (~> 3.1.0)
    rspec-expectations (3.1.2)
      diff-lcs (>= 1.2.0, < 2.0)
      rspec-support (~> 3.1.0)
    rspec-mocks (3.1.3)
      rspec-support (~> 3.1.0)
    rspec-rails (3.1.0)
      actionpack (>= 3.0)
      activesupport (>= 3.0)
      railties (>= 3.0)
      rspec-core (~> 3.1.0)
      rspec-expectations (~> 3.1.0)
      rspec-mocks (~> 3.1.0)
      rspec-support (~> 3.1.0)
    rspec-support (3.1.2)
    ruby_gntp (0.3.4)
    slop (3.6.0)
    spork (1.0.0rc4)
    spork (1.0.0rc4-x86-mingw32)
      win32-process
    spork-rails (4.0.0)
      rails (>= 3.0.0, < 5)
      spork (>= 1.0rc0)
    sprockets (2.12.3)
      hike (~> 1.2)
      multi_json (~> 1.0)
      rack (~> 1.0)
      tilt (~> 1.1, != 1.3.0)
    sprockets-rails (2.2.2)
      actionpack (>= 3.0)
      activesupport (>= 3.0)
      sprockets (>= 2.8, < 4.0)
    thor (0.19.1)
    thread_safe (0.3.4)
    tilt (1.4.1)
    timers (4.0.1)
      hitimes
    tzinfo (1.2.2)
      thread_safe (~> 0.1)
    tzinfo-data (1.2014.10)
      tzinfo (>= 1.0.0)
    warden (1.2.3)
      rack (>= 1.0)
    win32-process (0.7.4)
      ffi (>= 1.0.0)
    win32console (1.3.2)
    win32console (1.3.2-x86-mingw32)

PLATFORMS
  ruby
  x64-mingw32
  x86-mingw32

DEPENDENCIES
  active_model_serializers
  annotate
  database_cleaner
  devise_token_auth
  factory_girl_rails
  faker
  guard-bundler
  guard-rails
  guard-rspec
  guard-spork
  launchy
  lol_dba
  meta_request
  omniauth
  passenger
  pg
  puma
  rails (= 4.2.0.rc3)
  rails-api
  responders (~> 2.0)
  rspec-rails
  ruby_gntp
  spork-rails
  tzinfo-data
